GEM
  remote: https://rubygems.org/
  specs:
    dry-cli (1.0.0)
    highline (2.1.0)
    oj (3.14.1)
    options (2.3.2)
    progress_bar (1.3.3)
      highline (>= 1.6, < 3)
      options (~> 2.3.0)

PLATFORMS
  x86_64-linux

DEPENDENCIES
  dry-cli
  oj
  progress_bar

BUNDLED WITH
   2.3.26
